GEM
  remote: http://rubygems.org/
  specs:
    diff-lcs (1.3)
    geokit (1.11.0)
    mini_portile2 (2.1.0)
    nokogiri (1.7.1)
      mini_portile2 (~> 2.1.0)
    rspec (3.6.0)
      rspec-core (~> 3.6.0)
      rspec-expectations (~> 3.6.0)
      rspec-mocks (~> 3.6.0)
    rspec-core (3.6.0)
      rspec-support (~> 3.6.0)
    rspec-expectations (3.6.0)
      diff-lcs (>= 1.2.0, < 2.0)
      rspec-support (~> 3.6.0)
    rspec-mocks (3.6.0)
      diff-lcs (>= 1.2.0, < 2.0)
      rspec-support (~> 3.6.0)
    rspec-support (3.6.0)
    timezone (1.2.7)

PLATFORMS
  ruby

DEPENDENCIES
  geokit
  nokogiri
  rspec
  timezone

BUNDLED WITH
   1.15.0
