GIT
  remote: git://github.com/Ragtagteam/cta-aggregator-client-ruby.git
  revision: 8fdcac1dda4d1f25d2042c83d04aa27b0654d5fa
  branch: feature/auth
  specs:
    cta_aggregator_client (0.0.2)
      rest-client (= 2.0.1)

GEM
  remote: http://rubygems.org/
  specs:
    domain_name (0.5.20170404)
      unf (>= 0.0.5, < 1.0.0)
    http-cookie (1.0.3)
      domain_name (~> 0.5)
    mime-types (3.1)
      mime-types-data (~> 3.2015)
    mime-types-data (3.2016.0521)
    netrc (0.11.0)
    rest-client (2.0.1)
      http-cookie (>= 1.0.2, < 2.0)
      mime-types (>= 1.16, < 4.0)
      netrc (~> 0.8)
    unf (0.1.4)
      unf_ext
    unf_ext (0.0.7.4)

PLATFORMS
  ruby

DEPENDENCIES
  cta_aggregator_client!

BUNDLED WITH
   1.14.6
